PATH
  remote: ../
  specs:
    data_objects (0.10.3)
      addressable (~> 2.1)
    do_jdbc (0.10.3-java)
      data_objects (= 0.10.3)

PATH
  remote: .
  specs:
    do_sqlite3 (0.10.3)
      data_objects (= 0.10.3)

GEM
  remote: http://rubygems.org/
  specs:
    addressable (2.2.2)
    bacon (1.1.0)
    gemcutter (0.6.1)
    git (1.2.5)
    jeweler (1.4.0)
      gemcutter (>= 0.1.0)
      git (>= 1.2.5)
      rubyforge (>= 2.0.0)
    json_pure (1.4.6)
    rake (0.8.7)
    rake-compiler (0.7.0)
      rake (>= 0.8.3, < 0.9)
    rubyforge (2.0.4)
      json_pure (>= 1.1.7)

PLATFORMS
  java
  ruby

DEPENDENCIES
  bacon (~> 1.1)
  data_objects (= 0.10.3)
  do_jdbc
  do_sqlite3!
  jeweler (~> 1.4)
  rake (~> 0.8.7)
  rake-compiler (= 0.7.0)
